GEM
  remote: https://rubygems.org/
  specs:
    ffi (1.15.3)
    haml (5.2.2)
      temple (>= 0.8.0)
      tilt
    listen (3.7.0)
      rb-fsevent (~> 0.10, >= 0.10.3)
      rb-inotify (~> 0.9, >= 0.9.10)
    nokogiri (1.12.3-x86_64-darwin)
      racc (~> 1.4)
    racc (1.5.2)
    rb-fsevent (0.11.0)
    rb-inotify (0.10.1)
      ffi (~> 1.0)
    reverse_markdown (2.0.0)
      nokogiri
    temple (0.8.2)
    tilt (2.0.10)
    webrick (1.7.0)

PLATFORMS
  x86_64-darwin-20

DEPENDENCIES
  haml
  listen
  reverse_markdown
  webrick

BUNDLED WITH
   2.2.22
